GEM
  remote: https://rubygems.org/
  specs:
    config_env (0.1.2)
    mustermann (1.0.1)
    rack (2.0.3)
    rack-protection (2.0.0)
      rack
    ruby_http_client (3.1.0)
    sendgrid-ruby (5.0.0)
      ruby_http_client (~> 3.0)
      sinatra (>= 1.4.7, < 3)
    sinatra (2.0.0)
      mustermann (~> 1.0)
      rack (~> 2.0)
      rack-protection (= 2.0.0)
      tilt (~> 2.0)
    tilt (2.0.8)

PLATFORMS
  ruby

DEPENDENCIES
  config_env
  sendgrid-ruby
  sinatra

BUNDLED WITH
   1.15.4
